PATH
  remote: ..
  specs:
    zapp (0.2.4)
      concurrent-ruby (~> 1.1.9)
      puma (~> 5.5.2)
      rack (~> 2.2.3)
      rake (~> 13.0)
      rspec (~> 3.0)
      webrick

GEM
  remote: https://rubygems.org/
  specs:
    concurrent-ruby (1.1.10)
    diff-lcs (1.5.0)
    nio4r (2.5.8)
    puma (5.5.2)
      nio4r (~> 2.0)
    rack (2.2.4)
    rake (13.0.6)
    rspec (3.11.0)
      rspec-core (~> 3.11.0)
      rspec-expectations (~> 3.11.0)
      rspec-mocks (~> 3.11.0)
    rspec-core (3.11.0)
      rspec-support (~> 3.11.0)
    rspec-expectations (3.11.0)
      diff-lcs (>= 1.2.0, < 2.0)
      rspec-support (~> 3.11.0)
    rspec-mocks (3.11.1)
      diff-lcs (>= 1.2.0, < 2.0)
      rspec-support (~> 3.11.0)
    rspec-support (3.11.0)
    webrick (1.7.0)

PLATFORMS
  x86_64-linux

DEPENDENCIES
  zapp (~> 0.2.4)!

BUNDLED WITH
   2.2.3
